GEM
  remote: https://rubygems.org/
  specs:
    CFPropertyList (2.3.6)
    addressable (2.7.0)
      public_suffix (>= 2.0.2, < 5.0)
    ast (2.4.0)
    colored2 (3.1.2)
    cri (2.15.10)
    diff-lcs (1.3)
    equatable (0.6.1)
    facter (2.5.6)
    facter (2.5.6-universal-darwin)
      CFPropertyList (~> 2.2)
    faraday (0.17.3)
      multipart-post (>= 1.2, < 3)
    faraday_middleware (0.13.1)
      faraday (>= 0.7.4, < 1.0)
    fast_gettext (1.1.2)
    gettext (3.2.9)
      locale (>= 2.0.5)
      text (>= 1.3.0)
    gettext-setup (0.34)
      fast_gettext (~> 1.1.0)
      gettext (>= 3.0.2, < 3.3.0)
      locale
    hiera (3.6.0)
    jaro_winkler (1.5.4)
    json (2.3.0)
    json-schema (2.8.1)
      addressable (>= 2.4)
    locale (2.1.3)
    log4r (1.1.10)
    metadata-json-lint (2.2.0)
      json-schema (~> 2.8)
      spdx-licenses (~> 1.0)
    minitar (0.9)
    mocha (1.11.1)
    multi_json (1.14.1)
    multipart-post (2.1.1)
    necromancer (0.5.1)
    os (1.0.1)
    parallel (1.19.1)
    parser (2.7.0.1)
      ast (~> 2.4.0)
    pastel (0.7.3)
      equatable (~> 0.6)
      tty-color (~> 0.5)
    pathspec (0.2.1)
    public_suffix (4.0.1)
    puppet (5.5.18)
      facter (> 2.0.1, < 4)
      fast_gettext (~> 1.1.2)
      hiera (>= 3.2.1, < 4)
      locale (~> 2.1)
      multi_json (~> 1.10)
    puppet (5.5.18-universal-darwin)
      CFPropertyList (~> 2.2)
      facter (> 2.0.1, < 4)
      fast_gettext (~> 1.1.2)
      hiera (>= 3.2.1, < 4)
      locale (~> 2.1)
      multi_json (~> 1.10)
    puppet-lint (2.4.2)
    puppet-lint-absolute_classname-check (2.0.0)
      puppet-lint (>= 1.0, < 3.0)
    puppet-lint-absolute_template_path (1.0.1)
      puppet-lint (>= 1.1, < 3.0)
    puppet-lint-empty_string-check (0.2.2)
      puppet-lint (>= 1.0, < 3.0)
    puppet-lint-leading_zero-check (0.1.1)
      puppet-lint (>= 1.0, < 3.0)
    puppet-lint-resource_reference_syntax (1.0.14)
      puppet-lint (>= 1.0, < 3.0)
    puppet-lint-spaceship_operator_without_tag-check (0.1.1)
      puppet-lint (>= 1.0, < 3.0)
    puppet-lint-trailing_newline-check (1.1.0)
      puppet-lint (>= 1.0, < 3.0)
    puppet-lint-undef_in_function-check (0.2.1)
      puppet-lint (>= 1.0, < 3.0)
    puppet-lint-unquoted_string-check (1.0.0)
      puppet-lint (>= 2.1, < 3.0)
    puppet-lint-variable_contains_upcase (1.2.0)
      puppet-lint (>= 1.0, < 3.0)
    puppet-syntax (2.6.0)
      rake
    puppet_forge (2.3.3)
      faraday (>= 0.9.0, < 0.18.0, != 0.13.1)
      faraday_middleware (>= 0.9.0, < 0.14.0)
      gettext-setup (~> 0.11)
      minitar
      semantic_puppet (~> 1.0)
    puppetlabs_spec_helper (2.14.1)
      mocha (~> 1.0)
      pathspec (~> 0.2.1)
      puppet-lint (~> 2.0)
      puppet-syntax (~> 2.0)
      rspec-puppet (~> 2.0)
    r10k (3.4.1)
      colored2 (= 3.1.2)
      cri (>= 2.15.10, < 3.0.0)
      fast_gettext (~> 1.1.0)
      gettext (>= 3.0.2, < 3.3.0)
      gettext-setup (~> 0.24)
      log4r (= 1.1.10)
      multi_json (~> 1.10)
      puppet_forge (~> 2.3.0)
    rainbow (3.0.0)
    rake (13.0.1)
    rspec (3.9.0)
      rspec-core (~> 3.9.0)
      rspec-expectations (~> 3.9.0)
      rspec-mocks (~> 3.9.0)
    rspec-core (3.9.0)
      rspec-support (~> 3.9.0)
    rspec-expectations (3.9.0)
      diff-lcs (>= 1.2.0, < 2.0)
      rspec-support (~> 3.9.0)
    rspec-mocks (3.9.0)
      diff-lcs (>= 1.2.0, < 2.0)
      rspec-support (~> 3.9.0)
    rspec-puppet (2.7.8)
      rspec
    rspec-support (3.9.0)
    rubocop (0.79.0)
      jaro_winkler (~> 1.5.1)
      parallel (~> 1.10)
      parser (>= 2.7.0.1)
      rainbow (>= 2.2.2, < 4.0)
      ruby-progressbar (~> 1.7)
      unicode-display_width (>= 1.4.0, < 1.7)
    ruby-progressbar (1.10.1)
    rugged (0.28.4.1)
    semantic_puppet (1.0.2)
    spdx-licenses (1.2.0)
    text (1.3.1)
    trollop (2.9.10)
    tty-color (0.5.0)
    tty-command (0.9.0)
      pastel (~> 0.7.0)
    tty-cursor (0.7.0)
    tty-file (0.8.0)
      diff-lcs (~> 1.3)
      pastel (~> 0.7.2)
      tty-prompt (~> 0.18)
    tty-prompt (0.20.0)
      necromancer (~> 0.5.0)
      pastel (~> 0.7.0)
      tty-reader (~> 0.7.0)
    tty-reader (0.7.0)
      tty-cursor (~> 0.7)
      tty-screen (~> 0.7)
      wisper (~> 2.0.0)
    tty-screen (0.7.0)
    unicode-display_width (1.6.0)
    wisper (2.0.1)
    xmlrpc (0.3.0)
    yamllint (0.0.9)
      trollop (~> 2)

PLATFORMS
  ruby
  x86_64-darwin-16
  x86_64-linux

DEPENDENCIES
  json (>= 2.0.2)
  metadata-json-lint (~> 2.0)
  os (~> 1.0)
  puppet (>= 5, < 6)
  puppet-lint (~> 2.3)
  puppet-lint-absolute_classname-check (~> 2.0)
  puppet-lint-absolute_template_path (~> 1.0)
  puppet-lint-empty_string-check (~> 0.2)
  puppet-lint-leading_zero-check (~> 0.1)
  puppet-lint-resource_reference_syntax (~> 1.0)
  puppet-lint-spaceship_operator_without_tag-check (~> 0.1)
  puppet-lint-trailing_newline-check (~> 1.1)
  puppet-lint-undef_in_function-check (~> 0.2)
  puppet-lint-unquoted_string-check (~> 1.0)
  puppet-lint-variable_contains_upcase (~> 1.2)
  puppetlabs_spec_helper (~> 2.3)
  r10k (~> 3.4)
  rspec-puppet (~> 2.6)
  rubocop (~> 0.79)
  rugged (~> 0.26)
  tty-command (~> 0.6)
  tty-file (~> 0.4)
  tty-prompt (~> 0.13)
  xmlrpc (~> 0.3.0)
  yamllint (~> 0.0.9)

BUNDLED WITH
   2.0.2
